GEM
  remote: https://rubygems.org/
  specs:
    binding_of_caller (1.0.0)
      debug_inspector (>= 0.0.1)
    byebug (11.1.3)
    debug_inspector (1.2.0)
    enumerable-statistics (2.0.7)
    rainbow (3.1.1)
    unicode_plot (0.0.5)
      enumerable-statistics (>= 2.0.1)
    zeitwerk (2.6.12)

PLATFORMS
  ruby
  x86_64-linux

DEPENDENCIES
  binding_of_caller
  byebug
  rainbow
  unicode_plot
  zeitwerk

BUNDLED WITH
   2.5.3
